##TITLE= Parameter file, TopSpin 3.5 pl 7
##JCAMPDX= 5.0
##DATATYPE= Parameter Values
##NPOINTS= 196237	$$ modification sequence number
##ORIGIN= Bruker BioSpin GmbH
##OWNER= nmr
$$ 2023-07-24 14:08:11.762 +0200  nmr@sigmund
$$ C:/Bruker/TopSpin3.5pl7/conf/instr/spect/specpar
$$ process C:\Bruker\TopSpin3.5pl7\prog\mod\hconfserver.exe
##$HPPRECH= (0..15)
-1 -1 -1 2 -1 -1 -1 -1 -1 -1 -1 -1 -1 -1 -1 -1
##$HPSELECT= yes
##$NUC1= 10
##$NUC2= 2
##$NUC3= 0
##$NUC4= 0
##$NUC5= 0
##$NUC6= 0
##$NUC7= 0
##$NUC8= 0
##$NUCARR= (0..123)
400.18 400.18 61.430066536 426.847891153 304.853026157 58.890832955 155.525142835
56.232545263 42.993970584 128.393647153 100.625341036 28.918275371 40.549887242
54.250229623 376.54541322 31.591393733 105.85521342 24.497558943 104.274338346
79.504508937 161.995833336 30.7178168 39.209272236 32.637580305 18.673891471
10.249830349 26.932230052 97.210713145 22.560283561 22.566298267 39.899182556
105.259137306 22.620158493 99.201492592 12.95694 94.951004733 35.760288892
106.109619851 113.665898647 25.038474245 96.048618437 122.041710067 13.959538967
68.521276705 76.320380723 20.8802799 100.261017164 108.074683732 15.39732568
38.637150897 130.940712817 17.34308888 19.609612356 37.201925336 97.948737106
26.079434467 26.626756651 90.073818987 18.428893272 20.654766464 12.751523605
18.31263698 16.198562074 18.622508359 84.900107864 88.812647715 87.502378359
87.689958732 130.933889748 142.593174066 149.229651138 95.765383039 51.860194591
104.726073536 126.255865584 80.065957475 111.290802335 32.990523058 52.488177056
39.755710023 44.47171527 52.80094974 56.527990154 122.535116 21.80981 13.446048
16.687506 13.766192 99.484748 43.939764 12.285526 16.127254 96.203272 13.766192
19.288676 85.398412 11.525184 33.174922 70.028722751 19.2926778 45.6365272
32.5386358 16.0352126 10.0725306 47.97998128 16.673047497 90.13894428 91.04735288
9.133432196 31.07557772 6.8750924 7.4873678 86.025830211 6.9191122 71.67552748
26.458232849 228.59562176 230.839182908 83.720053078 64.306076718 7.36891452
14.526534 100 100
##$NUCOFFS= (0..127)
<13C> <1H> <2H> <81Br> <79Br> <15N> <23Na> <27Al> <6Li> <19F> <31P> <>
<> <> <> <> <> <> <> <> <> <> <> <> <> <> <> <> <> <> <> <> <> <> <> <>
<> <> <> <> <> <> <> <> <> <> <> <> <> <> <> <> <> <> <> <> <> <> <> <>
<> <> <> <> <> <> <> <> <> <> <> <> <> <> <> <> <> <> <> <> <> <> <> <>
<> <> <> <> <> <> <> <> <> <> <> <> <> <> <> <> <> <> <> <> <> <> <> <>
<> <> <> <> <> <> <> <> <> <> <> <> <> <> <> <> <> <> <> <>
##$OFFS= (0..127)
10062.53 2120 0 0 0 0 0 0 7000 0 0 0 0 0 0 0 0 0 0 0 0 0 0 0 0 0 0 0 0
0 0 0 0 0 0 0 0 0 0 0 0 0 0 0 0 0 0 0 0 0 0 0 0 0 0 0 0 0 0 0 0 0 0 0 0
0 0 0 0 0 0 0 0 0 0 0 0 0 0 0 0 0 0 0 0 0 0 0 0 0 0 0 0 0 0 0 0 0 0 0 0
0 0 0 0 0 0 0 0 0 0 0 0 0 0 0 0 0 0 0 0 0 0 0 0 0 0 0
##$OFFSF= (0..7)
-90000000 10 0 0 0 0 0 0
##$OFFSH= (0..7)
1268.19999996997 0 0 0 0 0 0 0
##$OFFSX= (0..7)
4981.00000000079 245.700000000681 0 0 0 0 0 0
##$PRECHAN= (0..15)
-1 3 -1 0 4 1 -1 -1 -1 -1 -1 -1 -1 -1 -1 -1
##$RECPRE= (0..15)
-1 0 -1 -1 -1 -1 -1 -1 -1 -1 -1 -1 -1 -1 -1 -1
##$RECPRFX= (0..15)
1 0 0 0 0 0 0 0 0 0 0 0 0 0 0 0
##$RECSEL= (0..15)
0 0 0 0 1 0 0 0 0 0 0 0 0 0 0 0
##$SELREC= (0..9)
0 0 0 0 0 0 0 0 0 0
##$SFO1= 100.635404
##$SFO2= 61.430312
##$SFO3= 400.18
##$SFO4= 400.18
##$SFO5= 400.182471
##$SFO6= 400.182471
##$SFO7= 400.182471
##$SFO8= 400.182471
##END=
